GEM
  remote: https://rubygems.org/
  specs:
    coderay (1.1.0)
    method_source (0.8.2)
    moneta (0.8.0)
    pry (0.10.1)
      coderay (~> 1.1.0)
      method_source (~> 0.8.1)
      slop (~> 3.4)
    slop (3.6.0)
    subprocess (1.2.0)

PLATFORMS
  ruby

DEPENDENCIES
  moneta
  pry
  subprocess
